PATH
  remote: .
  specs:
    untappd_business (0.1.0)
      httparty
      thor

GEM
  remote: https://rubygems.org/
  specs:
    httparty (0.18.1)
      mime-types (~> 3.0)
      multi_xml (>= 0.5.2)
    mime-types (3.3.1)
      mime-types-data (~> 3.2015)
    mime-types-data (3.2021.0225)
    multi_xml (0.6.0)
    rake (12.3.3)
    thor (1.1.0)

PLATFORMS
  ruby

DEPENDENCIES
  rake (~> 12.0)
  untappd_business!

BUNDLED WITH
   2.1.2
